PATH
  remote: .
  specs:
    tm (0.0.1)
      gli (= 2.5.5)
      taskmapper
      taskmapper-kanbanpad

GEM
  remote: https://rubygems.org/
  specs:
    activemodel (3.2.13)
      activesupport (= 3.2.13)
      builder (~> 3.0.0)
    activeresource (3.2.13)
      activemodel (= 3.2.13)
      activesupport (= 3.2.13)
    activesupport (3.2.13)
      i18n (= 0.6.1)
      multi_json (~> 1.0)
    builder (3.0.4)
    gli (2.5.5)
    hashie (1.2.0)
    i18n (0.6.1)
    json (1.7.7)
    multi_json (1.7.2)
    rake (10.0.3)
    rdoc (4.0.0)
      json (~> 1.4)
    taskmapper (0.8.0)
      activeresource (~> 3.0)
      activesupport (~> 3.0)
      hashie (~> 1.2)
    taskmapper-kanbanpad (0.8.1)
      taskmapper (~> 0.8)

PLATFORMS
  ruby

DEPENDENCIES
  rake
  rdoc
  tm!
